PATH
  remote: .
  specs:
    smithereen (0.3.0)
      activesupport (~> 3.0)

GEM
  remote: http://rubygems.org/
  specs:
    activesupport (3.1.0.rc5)
      multi_json (~> 1.0)
    builder (3.0.0)
    cucumber (1.0.2)
      builder (>= 2.1.2)
      diff-lcs (>= 1.1.2)
      gherkin (~> 2.4.5)
      json (>= 1.4.6)
      term-ansicolor (>= 1.0.5)
    diff-lcs (1.1.2)
    gherkin (2.4.5)
      json (>= 1.4.6)
    json (1.5.3)
    multi_json (1.0.3)
    rake (0.9.2)
    rcov (0.9.9)
    rr (1.0.3)
    rspec (2.6.0)
      rspec-core (~> 2.6.0)
      rspec-expectations (~> 2.6.0)
      rspec-mocks (~> 2.6.0)
    rspec-core (2.6.4)
    rspec-expectations (2.6.0)
      diff-lcs (~> 1.1.2)
    rspec-mocks (2.6.0)
    term-ansicolor (1.0.6)

PLATFORMS
  ruby

DEPENDENCIES
  cucumber
  rake
  rcov
  rr
  rspec (~> 2.0)
  smithereen!
